PATH
  remote: .
  specs:
    webshot (0.0.1)
      colorize
      rmagick
      selenium-webdriver
      thor

GEM
  remote: https://rubygems.org/
  specs:
    childprocess (0.3.9)
      ffi (~> 1.0, >= 1.0.11)
    colorize (0.5.8)
    ffi (1.9.0)
    multi_json (1.7.7)
    rake (10.1.0)
    rmagick (2.13.2)
    rubyzip (0.9.9)
    selenium-webdriver (2.33.0)
      childprocess (>= 0.2.5)
      multi_json (~> 1.0)
      rubyzip
      websocket (~> 1.0.4)
    thor (0.18.1)
    websocket (1.0.7)

PLATFORMS
  ruby

DEPENDENCIES
  bundler (~> 1.3)
  rake
  webshot!
